GEM
  remote: https://rubygems.org/
  specs:
    erubi (1.13.1)
    netrc (0.11.0)
    parallel (1.26.3)
    prism (1.3.0)
    rbi (0.2.2)
      prism (~> 1.0)
      sorbet-runtime (>= 0.5.9204)
    sorbet (0.5.11725)
      sorbet-static (= 0.5.11725)
    sorbet-runtime (0.5.11725)
    sorbet-static (0.5.11725-aarch64-linux)
    sorbet-static (0.5.11725-universal-darwin)
    sorbet-static (0.5.11725-x86_64-linux)
    sorbet-static-and-runtime (0.5.11725)
      sorbet (= 0.5.11725)
      sorbet-runtime (= 0.5.11725)
    spoom (1.5.0)
      erubi (>= 1.10.0)
      prism (>= 0.28.0)
      sorbet-static-and-runtime (>= 0.5.10187)
      thor (>= 0.19.2)
    tapioca (0.16.6)
      bundler (>= 2.2.25)
      netrc (>= 0.11.0)
      parallel (>= 1.21.0)
      rbi (~> 0.2)
      sorbet-static-and-runtime (>= 0.5.11087)
      spoom (>= 1.2.0)
      thor (>= 1.2.0)
      yard-sorbet
    thor (1.3.2)
    yard (0.9.37)
    yard-sorbet (0.9.0)
      sorbet-runtime
      yard

PLATFORMS
  aarch64-linux
  universal-darwin
  x86_64-linux

DEPENDENCIES
  tapioca

BUNDLED WITH
   2.7.0.dev
