GIT
  remote: https://github.com/jruby/warbler.git
  revision: 3a3a89e9a055ab1badb4e6fee860e8617b4acfe1
  ref: refs/pull/557/head
  specs:
    warbler (2.0.5)
      jruby-jars (>= 9.0.0)
      jruby-rack (>= 1.1.1, < 1.3)
      rake (>= 13.0.3)
      rexml (~> 3.0)
      rubyzip (>= 1.0.0)

PATH
  remote: demo
  specs:
    demo (1.0)

GEM
  remote: https://rubygems.org/
  specs:
    jruby-jars (10.0.0.1)
    jruby-rack (1.2.2)
    rake (13.3.0)
    rexml (3.4.1)
    rubyzip (2.4.1)

PLATFORMS
  arm64-darwin
  java
  ruby
  universal-java

DEPENDENCIES
  demo!
  jruby-jars (~> 10.0)
  warbler!

BUNDLED WITH
   2.8.0.dev
